GEM
  remote: http://rubygems.org/
  specs:
    ruby-usb (0.2.1)
    serialport (1.3.1)

PLATFORMS
  ruby

DEPENDENCIES
  ruby-usb
  serialport
